GEM
  remote: http://rubygems.org/
  specs:
    configliere (0.4.17)
      highline (>= 1.5.2)
      multi_json (>= 1.1)
    highline (1.6.15)
    multi_json (1.3.7)

PLATFORMS
  ruby

DEPENDENCIES
  configliere (~> 0.4)
